GIT
  remote: git://github.com/staunchRobots/lita-announcer.git
  revision: a7f251aac3be54bcb44c039e2967731edcdabc8c
  specs:
    lita-announcer (0.0.1)
      lita (>= 3.3)

GIT
  remote: git://github.com/staunchRobots/lita-chatterbox.git
  revision: 3b23477b2a40ac1e12822880ce491df1230ba8c8
  specs:
    lita-chatterbox (0.0.1)
      activesupport
      lita (>= 3.3)

GIT
  remote: git://github.com/staunchRobots/lita-hipchat-timezones.git
  revision: f32f1c4c1c85c469cb587f6eae17164ff32890c0
  specs:
    lita-hipchat-timezones (0.0.1)
      activesupport
      hipchat
      lita (>= 3.3)

GEM
  remote: https://rubygems.org/
  specs:
    activesupport (4.1.4)
      i18n (~> 0.6, >= 0.6.9)
      json (~> 1.7, >= 1.7.7)
      minitest (~> 5.1)
      thread_safe (~> 0.1)
      tzinfo (~> 1.1)
    byebug (2.7.0)
      columnize (~> 0.3)
      debugger-linecache (~> 1.2)
    coderay (1.1.0)
    columnize (0.8.9)
    compass_rose (0.1.3)
    debugger-linecache (1.2.0)
    faraday (0.9.0)
      multipart-post (>= 1.2, < 3)
    forecast_io (2.0.0)
      faraday
      hashie
      multi_json
    gems (0.8.3)
    geocoder (1.2.2)
    hashie (3.1.0)
    hipchat (1.2.0)
      httparty
    http_router (0.11.1)
      rack (>= 1.0.0)
      url_mount (~> 0.2.1)
    httparty (0.13.1)
      json (~> 1.8)
      multi_xml (>= 0.5.2)
    i18n (0.6.9)
    ice_nine (0.11.0)
    json (1.8.1)
    lita (3.3.1)
      bundler (>= 1.3)
      faraday (>= 0.8.7)
      http_router (>= 0.11.1)
      i18n (>= 0.6.9)
      ice_nine (>= 0.11.0)
      multi_json (>= 1.7.7)
      puma (>= 2.7.1)
      rack (>= 1.5.2)
      rb-readline (>= 0.5.1)
      redis-namespace (>= 1.3.0)
      thor (>= 0.18.1)
    lita-catfacts (0.0.4)
      lita (>= 2.3)
    lita-catgif (0.0.2)
      lita (>= 2.6)
    lita-excuses (0.0.6)
      lita (>= 2.2)
      nokogiri
    lita-forecast (0.1.7)
      compass_rose (~> 0.1.0)
      forecast_io (~> 2.0.0)
      geocoder (~> 1.1, >= 1.1.9)
      hashie (~> 3.0)
      lita (>= 3.0.0)
    lita-gems (1.1.0)
      gems (>= 0.8.0)
      lita (>= 2.6)
    lita-google (0.1.0)
      lita (>= 2.6)
    lita-google-images (1.0.5)
      lita (>= 2.0)
    lita-high-five (0.0.1)
      lita (>= 3.0)
    lita-hipchat (1.6.1)
      lita (>= 2.5)
      xmpp4r (>= 0.5.6)
    lita-karma (2.1.0)
      lita (>= 2.6)
    lita-pls (0.0.3)
      lita (>= 2.6)
    lita-quote (0.0.2)
      lita (>= 3.0)
    method_source (0.8.2)
    mini_portile (0.6.0)
    minitest (5.4.0)
    multi_json (1.10.1)
    multi_xml (0.5.5)
    multipart-post (2.0.0)
    nokogiri (1.6.2.1)
      mini_portile (= 0.6.0)
    pry (0.10.0)
      coderay (~> 1.1.0)
      method_source (~> 0.8.1)
      slop (~> 3.4)
    pry-byebug (1.3.3)
      byebug (~> 2.7)
      pry (~> 0.10)
    puma (2.8.2)
      rack (>= 1.1, < 2.0)
    rack (1.5.2)
    rb-readline (0.5.1)
    redis (3.1.0)
    redis-namespace (1.5.0)
      redis (~> 3.0, >= 3.0.4)
    slop (3.5.0)
    thor (0.19.1)
    thread_safe (0.3.4)
    tzinfo (1.2.1)
      thread_safe (~> 0.1)
    url_mount (0.2.1)
      rack
    xmpp4r (0.5.6)

PLATFORMS
  ruby

DEPENDENCIES
  lita
  lita-announcer!
  lita-catfacts
  lita-catgif
  lita-chatterbox!
  lita-excuses
  lita-forecast
  lita-gems
  lita-google
  lita-google-images
  lita-high-five
  lita-hipchat
  lita-hipchat-timezones!
  lita-karma
  lita-pls
  lita-quote
  pry-byebug
